PATH
  remote: .
  specs:
    playbot (0.0.1)
      activesupport (>= 3.2)
      commander (~> 4.2.0)
      terminal-table (>= 1.4.0)

GEM
  remote: https://rubygems.org/
  specs:
    activesupport (4.1.4)
      i18n (~> 0.6, >= 0.6.9)
      json (~> 1.7, >= 1.7.7)
      minitest (~> 5.1)
      thread_safe (~> 0.1)
      tzinfo (~> 1.1)
    commander (4.2.0)
      highline (~> 1.6.11)
    dotenv (0.11.1)
      dotenv-deployment (~> 0.0.2)
    dotenv-deployment (0.0.2)
    highline (1.6.21)
    i18n (0.6.9)
    json (1.8.1)
    minitest (5.3.5)
    rake (10.3.2)
    terminal-table (1.4.5)
    thread_safe (0.3.4)
    tzinfo (1.2.1)
      thread_safe (~> 0.1)

PLATFORMS
  ruby

DEPENDENCIES
  dotenv
  playbot!
  rake
